GEM
  specs:
    sass (3.4.13)
    slim (3.0.3)
      temple (~> 0.7.3)
      tilt (>= 1.3.3, < 2.1)
    temple (0.7.5)
    tilt (1.4.1)

PLATFORMS
  ruby

DEPENDENCIES
  sass
  slim
